GEM
  remote: https://rubygems.org/
  specs:
    coderay (1.1.2)
    method_source (0.9.0)
    mini_portile2 (2.3.0)
    nokogiri (1.8.4)
      mini_portile2 (~> 2.3.0)
    pry (0.11.3)
      coderay (~> 1.1.0)
      method_source (~> 0.9.0)
    reverse_markdown (1.1.0)
      nokogiri
    sqlite3 (1.3.13)

PLATFORMS
  ruby

DEPENDENCIES
  pry
  reverse_markdown
  sqlite3

BUNDLED WITH
   1.16.2
